GEM
  remote: http://rubygems.org/
  specs:
    artoo (1.6.7)
      celluloid (~> 0.15.0)
      celluloid-io (~> 0.15.0)
      http (~> 0.5.0)
      multi_json (~> 1.6.0)
      pry (~> 0.9.0)
      rake
      reel (~> 0.4.0)
      robeaux (~> 0.0.4)
      thor (~> 0.18.1)
    artoo-sphero (1.3.0)
      artoo (>= 1.6.0)
      sphero (>= 1.5.0)
    celluloid (0.15.2)
      timers (~> 1.1.0)
    celluloid-io (0.15.0)
      celluloid (>= 0.15.0)
      nio4r (>= 0.5.0)
    coderay (1.1.0)
    columnize (0.3.6)
    debugger (1.6.5)
      columnize (>= 0.3.1)
      debugger-linecache (~> 1.2.0)
      debugger-ruby_core_source (~> 1.3.1)
    debugger-linecache (1.2.0)
    debugger-ruby_core_source (1.3.1)
    dotenv (0.11.1)
      dotenv-deployment (~> 0.0.2)
    dotenv-deployment (0.0.2)
    http (0.5.0)
      http_parser.rb
    http_parser.rb (0.6.0)
    hybridgroup-serialport (1.2.1)
    kgio (2.9.2)
    method_source (0.8.2)
    multi_json (1.6.1)
    nio4r (1.0.0)
    pry (0.9.12.6)
      coderay (~> 1.0)
      method_source (~> 0.8)
      slop (~> 3.4)
    rack (1.5.2)
    rack-parser (0.6.0)
      rack
    rack-protection (1.5.3)
      rack
    rack-standards (0.0.1)
    raindrops (0.13.0)
    rake (10.3.2)
    redis (3.0.7)
    reel (0.4.0)
      celluloid (>= 0.15.1)
      celluloid-io (>= 0.15.0)
      http (>= 0.5.0)
      http_parser.rb (>= 0.6.0.beta.2)
      websocket_parser (>= 0.1.4)
    robeaux (0.0.4)
    sinatra (1.4.5)
      rack (~> 1.4)
      rack-protection (~> 1.4)
      tilt (~> 1.3, >= 1.3.4)
    slop (3.5.0)
    sphero (1.5.0)
    thor (0.18.1)
    tilt (1.4.1)
    timers (1.1.0)
    unicorn (4.8.3)
      kgio (~> 2.6)
      rack
      raindrops (~> 0.7)
    websocket_parser (0.1.6)

PLATFORMS
  ruby

DEPENDENCIES
  artoo-sphero
  debugger
  dotenv
  hybridgroup-serialport
  rack-parser
  rack-standards
  redis
  sinatra
  sphero
  unicorn
